PATH
  remote: .
  specs:
    sprockets-components (0.1.0)
      sprockets (~> 4.0)

GEM
  remote: https://rubygems.org/
  specs:
    concurrent-ruby (1.2.2)
    diff-lcs (1.5.0)
    rack (3.0.8)
    rake (13.1.0)
    rspec (3.12.0)
      rspec-core (~> 3.12.0)
      rspec-expectations (~> 3.12.0)
      rspec-mocks (~> 3.12.0)
    rspec-core (3.12.2)
      rspec-support (~> 3.12.0)
    rspec-expectations (3.12.3)
      diff-lcs (>= 1.2.0, < 2.0)
      rspec-support (~> 3.12.0)
    rspec-mocks (3.12.6)
      diff-lcs (>= 1.2.0, < 2.0)
      rspec-support (~> 3.12.0)
    rspec-support (3.12.1)
    sprockets (4.2.1)
      concurrent-ruby (~> 1.0)
      rack (>= 2.2.4, < 4)

PLATFORMS
  ruby
  x86_64-linux

DEPENDENCIES
  rake (~> 13.0)
  rspec (~> 3.0)
  sprockets-components!

BUNDLED WITH
   2.5.3
